PATH
  remote: .
  specs:
    rexml (3.2.4)

GEM
  remote: https://rubygems.org/
  specs:
    rake (13.0.6)

PLATFORMS
  x86_64-darwin-21

DEPENDENCIES
  bundler
  rake
  rexml!

BUNDLED WITH
   2.2.33
